GEM
  remote: https://rubygems.org/
  specs:
    amq-protocol (1.9.2)
    bunny (1.6.3)
      amq-protocol (>= 1.9.2)
    thor (0.19.1)

PLATFORMS
  ruby

DEPENDENCIES
  bunny
  thor
